GEM
  remote: http://rubygems.org/
  specs:
    rack (1.2.1)
    rack-test (0.5.7)
      rack (>= 1.0)
    rake (0.8.7)
    shoulda (2.11.3)

PLATFORMS
  ruby

DEPENDENCIES
  rack-test
  rake
  shoulda
